GEM
  remote: https://rubygems.org/
  specs:
    camertron-eprun (1.1.1)
    cldr-plurals-runtime-rb (1.1.0)
    concurrent-ruby (1.2.2)
    fileutils (1.7.1)
    mini_portile2 (2.8.2)
    nokogiri (1.15.2)
      mini_portile2 (~> 2.8.2)
      racc (~> 1.4)
    nokogiri (1.15.2-x86_64-darwin)
      racc (~> 1.4)
    racc (1.7.0)
    rio (0.6.0)
    twitter_cldr (6.11.5)
      camertron-eprun
      cldr-plurals-runtime-rb (~> 1.1)
      tzinfo
    tzinfo (2.0.6)
      concurrent-ruby (~> 1.0)

PLATFORMS
  ruby
  x86_64-darwin-22

DEPENDENCIES
  fileutils
  nokogiri
  rio
  twitter_cldr

BUNDLED WITH
   2.4.10
